GIT
  remote: https://github.com/3scale/redis-rb
  revision: 35301b3d952975300a4cb30d408ae3b5969d0440
  branch: apisonator
  specs:
    redis (4.1.3)

GEM
  remote: https://rubygems.org/
  specs:

PLATFORMS
  ruby

DEPENDENCIES
  redis!

BUNDLED WITH
   2.2.33
